GIT
  remote: git://github.com/shoes/shoes4.git
  revision: 45a2c393a6e50e63609403879fef1a7b2d85a872
  specs:
    shoes (4.0.0.pre1)
      after_do (~> 0.2.2)
      furoshiki (>= 0.1.2)
      log4jruby
      nokogiri
      swt (~> 0.18)

GEM
  remote: https://rubygems.org/
  specs:
    after_do (0.2.2)
    artoo (1.4.1)
      celluloid (~> 0.15.0)
      celluloid-io (~> 0.15.0)
      multi_json (~> 1.6)
      pry (~> 0.9)
      rake
      reel (~> 0.4.0)
      thor (~> 0.18.1)
    artoo-sphero (1.2.0)
      artoo (>= 1.4.0)
      sphero (>= 1.4.1)
    celluloid (0.15.2)
      timers (~> 1.1.0)
    celluloid-io (0.15.0)
      celluloid (>= 0.15.0)
      nio4r (>= 0.5.0)
    coderay (1.1.0)
    ffi (1.9.3-java)
    furoshiki (0.1.2)
      plist
      rubyzip (< 1.0.0)
      warbler
    http (0.5.0)
      http_parser.rb
    http_parser.rb (0.6.0.beta.2)
    http_parser.rb (0.6.0.beta.2-java)
    jruby-jars (1.7.8)
    jruby-rack (1.1.13.3)
    log4jruby (0.4.0)
    method_source (0.8.2)
    mini_portile (0.5.2)
    multi_json (1.8.2)
    nio4r (0.5.0)
    nio4r (0.5.0-java)
    nokogiri (1.6.0)
      mini_portile (~> 0.5.0)
    nokogiri (1.6.0-java)
      mini_portile (~> 0.5.0)
    plist (3.1.0)
    pry (0.9.12.4)
      coderay (~> 1.0)
      method_source (~> 0.8)
      slop (~> 3.4)
    pry (0.9.12.4-java)
      coderay (~> 1.0)
      method_source (~> 0.8)
      slop (~> 3.4)
      spoon (~> 0.0)
    rake (13.0.1)
    reel (0.4.0)
      celluloid (>= 0.15.1)
      celluloid-io (>= 0.15.0)
      http (>= 0.5.0)
      http_parser.rb (>= 0.6.0.beta.2)
      websocket_parser (>= 0.1.4)
    rubyzip (0.9.9)
    slop (3.4.7)
    sphero (1.4.1)
    spoon (0.0.4)
      ffi
    swt (0.18)
    thor (0.18.1)
    timers (1.1.0)
    warbler (1.4.0)
      jruby-jars (>= 1.5.6)
      jruby-rack (>= 1.0.0)
      rake (>= 0.9.6)
      rubyzip (>= 0.9, < 1.1)
    websocket_parser (0.1.4)
      http

PLATFORMS
  java
  ruby

DEPENDENCIES
  artoo-sphero
  shoes!
